GIT
  remote: git://github.com/alan/rack-test.git
  revision: 8ae89a2cbcfac129a66da86091994727b094f73c
  specs:
    rack-test (0.5.4)
      rack (>= 1.0)

PATH
  remote: .
  specs:
    refinerycms (0.9.8)
      acts_as_indexed (~> 0.6.5)
      authlogic (~> 2.1.6)
      bundler (~> 1.0.0)
      childlabor (~> 0.0.2)
      dragonfly (~> 0.7.4)
      friendly_id (~> 3.1.3)
      moretea-awesome_nested_set (= 1.4.3.1)
      rack-cache (~> 0.5.2)
      rails (~> 3.0.0)
      truncate_html (= 0.4)
      will_paginate (~> 3.0.pre)

GEM
  remote: http://rubygems.org/
  specs:
    ZenTest (4.4.0)
    abstract (1.0.0)
    actionmailer (3.0.0)
      actionpack (= 3.0.0)
      mail (~> 2.2.5)
    actionpack (3.0.0)
      activemodel (= 3.0.0)
      activesupport (= 3.0.0)
      builder (~> 2.1.2)
      erubis (~> 2.6.6)
      i18n (~> 0.4.1)
      rack (~> 1.2.1)
      rack-mount (~> 0.6.12)
      rack-test (~> 0.5.4)
      tzinfo (~> 0.3.23)
    activemodel (3.0.0)
      activesupport (= 3.0.0)
      builder (~> 2.1.2)
      i18n (~> 0.4.1)
    activerecord (3.0.0)
      activemodel (= 3.0.0)
      activesupport (= 3.0.0)
      arel (~> 1.0.0)
      tzinfo (~> 0.3.23)
    activeresource (3.0.0)
      activemodel (= 3.0.0)
      activesupport (= 3.0.0)
    activesupport (3.0.0)
    acts_as_indexed (0.6.6)
    arel (1.0.1)
      activesupport (~> 3.0.0)
    authlogic (2.1.6)
      activesupport
    autotest (4.3.2)
    autotest-notification (2.3.1)
      autotest (~> 4.3)
    autotest-rails (4.1.0)
      ZenTest
    babosa (0.2.0)
    builder (2.1.2)
    capybara (0.3.9)
      culerity (>= 0.2.4)
      mime-types (>= 1.16)
      nokogiri (>= 1.3.3)
      rack (>= 1.0.0)
      rack-test (>= 0.5.4)
      selenium-webdriver (>= 0.0.3)
    childlabor (0.0.2)
    configuration (1.1.0)
    cucumber (0.8.5)
      builder (~> 2.1.2)
      diff-lcs (~> 1.1.2)
      gherkin (~> 2.1.4)
      json_pure (~> 1.4.3)
      term-ansicolor (~> 1.0.4)
    cucumber-rails (0.3.2)
      cucumber (>= 0.8.0)
    culerity (0.2.12)
    database_cleaner (0.5.2)
    diff-lcs (1.1.2)
    dragonfly (0.7.5)
      rack
    erubis (2.6.6)
      abstract (>= 1.0.0)
    factory_girl (1.3.2)
    ffi (0.6.3)
      rake (>= 0.8.7)
    filters_spam (0.2)
    friendly_id (3.1.6)
      babosa (~> 0.2.0)
    gherkin (2.1.5)
      trollop (~> 1.16.2)
    i18n (0.4.1)
    json_pure (1.4.6)
    launchy (0.3.7)
      configuration (>= 0.0.5)
      rake (>= 0.8.1)
    mail (2.2.5)
      activesupport (>= 2.3.6)
      mime-types
      treetop (>= 1.4.5)
    mime-types (1.16)
    moretea-awesome_nested_set (1.4.3.1)
      activerecord (~> 3.0.0)
    nokogiri (1.4.3.1)
    polyglot (0.3.1)
    rack (1.2.1)
    rack-cache (0.5.2)
      rack (>= 0.4)
    rack-mount (0.6.13)
      rack (>= 1.0.0)
    rails (3.0.0)
      actionmailer (= 3.0.0)
      actionpack (= 3.0.0)
      activerecord (= 3.0.0)
      activeresource (= 3.0.0)
      activesupport (= 3.0.0)
      bundler (~> 1.0.0)
      railties (= 3.0.0)
    railties (3.0.0)
      actionpack (= 3.0.0)
      activesupport (= 3.0.0)
      rake (>= 0.8.4)
      thor (~> 0.14.0)
    rake (0.8.7)
    refinerycms-i18n (0.9.8.5)
      refinerycms (~> 0.9.8)
      routing-filter (~> 0.1.6)
    refinerycms-inquiries (0.9.8.4)
      filters_spam (~> 0.1)
    rmagick (2.12.2)
    routing-filter (0.1.6)
      actionpack
    rspec (2.0.0.beta.20)
      rspec-core (= 2.0.0.beta.20)
      rspec-expectations (= 2.0.0.beta.20)
      rspec-mocks (= 2.0.0.beta.20)
    rspec-core (2.0.0.beta.20)
    rspec-expectations (2.0.0.beta.20)
      diff-lcs (>= 1.1.2)
    rspec-mocks (2.0.0.beta.20)
    rspec-rails (2.0.0.beta.20)
      rspec (= 2.0.0.beta.20)
    ruby-prof (0.9.2)
    rubyzip (0.9.4)
    selenium-webdriver (0.0.28)
      ffi (>= 0.6.1)
      json_pure
      rubyzip
    spork (0.8.4)
    sqlite3-ruby (1.3.1)
    term-ansicolor (1.0.5)
    thor (0.14.0)
    treetop (1.4.8)
      polyglot (>= 0.3.1)
    trollop (1.16.2)
    truncate_html (0.4.0)
    tzinfo (0.3.23)
    will_paginate (3.0.pre2)

PLATFORMS
  ruby

DEPENDENCIES
  autotest
  autotest-notification
  autotest-rails
  bundler (~> 1.0.0)
  capybara
  cucumber
  cucumber-rails
  database_cleaner
  factory_girl
  gherkin
  json_pure (~> 1.4.6)
  launchy
  rack-test!
  rails (= 3.0.0)
  refinerycms!
  refinerycms-i18n (~> 0.9.8.5)
  refinerycms-inquiries (~> 0.9.8.4)
  rmagick (~> 2.12.0)
  rspec (~> 2.0.0.beta)
  rspec-core (~> 2.0.0.beta)
  rspec-expectations (~> 2.0.0.beta)
  rspec-mocks (~> 2.0.0.beta)
  rspec-rails (~> 2.0.0.beta)
  ruby-prof
  spork
  sqlite3-ruby
