GIT
  remote: git://github.com/parndt/acts_as_tree.git
  revision: cd4d6a6
  branch: master
  specs:
    acts_as_tree (0.9.8)

GIT
  remote: git://github.com/parndt/dragonfly.git
  revision: d631373
  branch: refactor_job
  specs:
    dragonfly (0.6.2)
      rack

GIT
  remote: git://github.com/resolve/refinerycms-i18n.git
  revision: a8560c9
  branch: master
  specs:
    refinerycms-i18n (0.9.8)

PATH
  remote: vendor/refinerycms
  specs:
    refinerycms-authentication (0.9.8)
      authlogic (~> 2.1.6)
      refinerycms-core (~> 0.9.8)
    refinerycms-core (0.9.8)
      acts_as_indexed (= 0.6.4)
      friendly_id (~> 3.1.3)
      rails (>= 3.0.0.rc)
      truncate_html (= 0.4)
      will_paginate (>= 3.0.pre2)
    refinerycms-dashboard (0.9.8)
      refinerycms-core (~> 0.9.8)
    refinerycms-images (0.9.8)
      dragonfly
      rack-cache
      refinerycms-core (~> 0.9.8)
      rmagick
    refinerycms-inquiries (0.9.8)
      refinerycms-core (~> 0.9.8)
    refinerycms-pages (0.9.8)
      refinerycms-core (~> 0.9.8)
    refinerycms-resources (0.9.8)
      dragonfly
      refinerycms-core (~> 0.9.8)
    refinerycms-settings (0.9.8)
      refinerycms-core (~> 0.9.8)

GEM
  remote: http://rubygems.org/
  specs:
    ZenTest (4.3.3)
    abstract (1.0.0)
    actionmailer (3.0.0.rc)
      actionpack (= 3.0.0.rc)
      mail (~> 2.2.5)
    actionpack (3.0.0.rc)
      activemodel (= 3.0.0.rc)
      activesupport (= 3.0.0.rc)
      builder (~> 2.1.2)
      erubis (~> 2.6.6)
      i18n (~> 0.4.1)
      rack (~> 1.2.1)
      rack-mount (~> 0.6.9)
      rack-test (~> 0.5.4)
      tzinfo (~> 0.3.22)
    activemodel (3.0.0.rc)
      activesupport (= 3.0.0.rc)
      builder (~> 2.1.2)
      i18n (~> 0.4.1)
    activerecord (3.0.0.rc)
      activemodel (= 3.0.0.rc)
      activesupport (= 3.0.0.rc)
      arel (~> 0.4.0)
      tzinfo (~> 0.3.22)
    activeresource (3.0.0.rc)
      activemodel (= 3.0.0.rc)
      activesupport (= 3.0.0.rc)
    activesupport (3.0.0.rc)
    acts_as_indexed (0.6.4)
    arel (0.4.0)
      activesupport (>= 3.0.0.beta)
    authlogic (2.1.6)
      activesupport
    autotest (4.3.2)
    autotest-notification (2.3.1)
      autotest (~> 4.3)
    autotest-rails (4.1.0)
      ZenTest
    babosa (0.1.1)
    builder (2.1.2)
    capybara (0.3.9)
      culerity (>= 0.2.4)
      mime-types (>= 1.16)
      nokogiri (>= 1.3.3)
      rack (>= 1.0.0)
      rack-test (>= 0.5.4)
      selenium-webdriver (>= 0.0.3)
    configuration (1.1.0)
    cucumber (0.8.5)
      builder (~> 2.1.2)
      diff-lcs (~> 1.1.2)
      gherkin (~> 2.1.4)
      json_pure (~> 1.4.3)
      term-ansicolor (~> 1.0.4)
    cucumber-rails (0.3.2)
      cucumber (>= 0.8.0)
    culerity (0.2.12)
    database_cleaner (0.5.2)
    diff-lcs (1.1.2)
    erubis (2.6.6)
      abstract (>= 1.0.0)
    factory_girl (1.3.2)
    ffi (0.6.3)
      rake (>= 0.8.7)
    friendly_id (3.1.3)
      babosa (>= 0.1.0)
    gherkin (2.1.5)
      trollop (~> 1.16.2)
    i18n (0.4.1)
    json_pure (1.4.6)
    launchy (0.3.7)
      configuration (>= 0.0.5)
      rake (>= 0.8.1)
    mail (2.2.5)
      activesupport (>= 2.3.6)
      mime-types
      treetop (>= 1.4.5)
    mime-types (1.16)
    nokogiri (1.4.3.1)
    polyglot (0.3.1)
    rack (1.2.1)
    rack-cache (0.5.2)
      rack (>= 0.4)
    rack-mount (0.6.12)
      rack (>= 1.0.0)
    rack-test (0.5.4)
      rack (>= 1.0)
    rails (3.0.0.rc)
      actionmailer (= 3.0.0.rc)
      actionpack (= 3.0.0.rc)
      activerecord (= 3.0.0.rc)
      activeresource (= 3.0.0.rc)
      activesupport (= 3.0.0.rc)
      bundler (>= 1.0.0.rc.1)
      railties (= 3.0.0.rc)
    railties (3.0.0.rc)
      actionpack (= 3.0.0.rc)
      activesupport (= 3.0.0.rc)
      rake (>= 0.8.3)
      thor (~> 0.14.0)
    rake (0.8.7)
    rmagick (2.12.2)
    routing-filter (0.1.6)
      actionpack
    rspec (2.0.0.beta.19)
      rspec-core (= 2.0.0.beta.19)
      rspec-expectations (= 2.0.0.beta.19)
      rspec-mocks (= 2.0.0.beta.19)
    rspec-core (2.0.0.beta.19)
    rspec-expectations (2.0.0.beta.19)
      diff-lcs (>= 1.1.2)
    rspec-mocks (2.0.0.beta.19)
    rspec-rails (2.0.0.beta.19)
      rspec (= 2.0.0.beta.19)
      webrat (>= 0.7.2.beta.1)
    ruby-prof (0.9.1)
    rubyzip (0.9.4)
    selenium-webdriver (0.0.27)
      ffi (>= 0.6.1)
      json_pure
      rubyzip
    spork (0.8.4)
    sqlite3-ruby (1.3.1)
    term-ansicolor (1.0.5)
    thor (0.14.0)
    treetop (1.4.8)
      polyglot (>= 0.3.1)
    trollop (1.16.2)
    truncate_html (0.4.0)
    tzinfo (0.3.23)
    webrat (0.7.2.beta.1)
      nokogiri (>= 1.2.0)
      rack (>= 1.0)
      rack-test (>= 0.5.3)
    will_paginate (3.0.pre2)

PLATFORMS
  ruby

DEPENDENCIES
  acts_as_tree!
  autotest
  autotest-notification
  autotest-rails
  capybara
  cucumber
  cucumber-rails
  database_cleaner
  dragonfly!
  factory_girl
  gherkin
  json_pure (= 1.4.6)
  launchy
  rails (= 3.0.0.rc)
  refinerycms-authentication!
  refinerycms-core!
  refinerycms-dashboard!
  refinerycms-i18n!
  refinerycms-images!
  refinerycms-inquiries!
  refinerycms-pages!
  refinerycms-resources!
  refinerycms-settings!
  rmagick (~> 2.12.0)
  routing-filter
  rspec (~> 2.0.0.beta.19)
  rspec-core (~> 2.0.0.beta.19)
  rspec-expectations (~> 2.0.0.beta.19)
  rspec-mocks (~> 2.0.0.beta.19)
  rspec-rails (~> 2.0.0.beta.19)
  ruby-prof
  spork
  sqlite3-ruby
